GEM
  remote: https://rubygems.org/
  specs:
    phlex (1.11.0)

PLATFORMS
  ruby
  x86_64-darwin-22

DEPENDENCIES
  phlex

BUNDLED WITH
   2.5.23
